GEM
  remote: https://rubygems.org/
  specs:
    geoip (1.6.1)

PLATFORMS
  ruby

DEPENDENCIES
  geoip
