GEM
  remote: https://rubygems.org/
  specs:
    maxminddb (0.1.8)

PLATFORMS
  ruby

DEPENDENCIES
  maxminddb
